PATH
  remote: .
  specs:
    rbcrypto (0.1.0)
      bitcoin-ruby
      eth
      thor (~> 0.20)

GEM
  remote: https://rubygems.org/
  specs:
    bitcoin-ruby (0.0.18)
    diff-lcs (1.3)
    digest-sha3 (1.1.0)
    eth (0.4.8)
      digest-sha3 (~> 1.1)
      ffi (~> 1.0)
      money-tree (~> 0.10.0)
      rlp (~> 0.7.3)
      scrypt (~> 3.0.5)
    ffi (1.9.25)
    ffi-compiler (1.0.1)
      ffi (>= 1.0.0)
      rake
    money-tree (0.10.0)
      ffi
    rake (10.5.0)
    rlp (0.7.3)
    rspec (3.8.0)
      rspec-core (~> 3.8.0)
      rspec-expectations (~> 3.8.0)
      rspec-mocks (~> 3.8.0)
    rspec-core (3.8.0)
      rspec-support (~> 3.8.0)
    rspec-expectations (3.8.1)
      diff-lcs (>= 1.2.0, < 2.0)
      rspec-support (~> 3.8.0)
    rspec-mocks (3.8.0)
      diff-lcs (>= 1.2.0, < 2.0)
      rspec-support (~> 3.8.0)
    rspec-support (3.8.0)
    scrypt (3.0.5)
      ffi-compiler (>= 1.0, < 2.0)
    thor (0.20.0)

PLATFORMS
  ruby

DEPENDENCIES
  bundler (~> 1.16)
  rake (~> 10.0)
  rbcrypto!
  rspec (~> 3.0)

BUNDLED WITH
   1.16.1
